GEM
  remote: http://rubygems.org/
  specs:
    git (1.2.5)
    rack (1.4.1)
    rack-protection (1.2.0)
      rack
    redcarpet (2.1.0)
    sinatra (1.3.2)
      rack (>= 1.3.6, ~> 1.3)
      rack-protection (~> 1.2)
      tilt (>= 1.3.3, ~> 1.3)
    tilt (1.3.3)

PLATFORMS
  ruby

DEPENDENCIES
  git (= 1.2.5)
  redcarpet (= 2.1.0)
  sinatra (= 1.3.2)
